GIT
  remote: git://github.com/intridea/grape.git
  revision: b760958436d7d830757a266b618504fa619c8925
  specs:
    grape (0.7.0)
      activesupport
      builder
      hashie (>= 1.2.0)
      multi_json (>= 1.3.2)
      multi_xml (>= 0.5.2)
      rack (>= 1.3.0)
      rack-accept
      rack-mount
      virtus (>= 1.0.0)

GEM
  remote: https://rubygems.org/
  specs:
    activemodel (3.2.15)
      activesupport (= 3.2.15)
      builder (~> 3.0.0)
    activerecord (3.2.15)
      activemodel (= 3.2.15)
      activesupport (= 3.2.15)
      arel (~> 3.0.2)
      tzinfo (~> 0.3.29)
    activesupport (3.2.15)
      i18n (~> 0.6, >= 0.6.4)
      multi_json (~> 1.0)
    addressable (2.3.5)
    annotate (2.6.1)
      activerecord (>= 2.3.0)
      rake (>= 0.8.7)
    arel (3.0.3)
    ast (1.1.0)
    axiom-types (0.0.5)
      descendants_tracker (~> 0.0.1)
      ice_nine (~> 0.9)
    builder (3.0.4)
    coercible (1.0.0)
      descendants_tracker (~> 0.0.1)
    crack (0.4.2)
      safe_yaml (~> 1.0.0)
    database_cleaner (1.2.0)
    descendants_tracker (0.0.3)
    diff-lcs (1.2.5)
    equalizer (0.0.9)
    faker (1.3.0)
      i18n (~> 0.5)
    given_core (3.5.4)
      sorcerer (>= 0.3.7)
    grape-swagger (0.6.0)
      grape (>= 0.2.0)
      kramdown
    hashie (2.0.5)
    i18n (0.6.9)
    ice_nine (0.11.0)
    kramdown (1.3.1)
    multi_json (1.9.2)
    multi_xml (0.5.5)
    mysql2 (0.3.13)
    parser (2.1.2)
      ast (~> 1.1)
      slop (~> 3.4, >= 3.4.5)
    powerpack (0.0.9)
    rack (1.5.2)
    rack-accept (0.4.5)
      rack (>= 0.4)
    rack-cors (0.2.9)
    rack-mount (0.8.3)
      rack (>= 1.0.0)
    rack-protection (1.5.1)
      rack
    rack-test (0.6.2)
      rack (>= 1.0)
    racksh (1.0.0)
      rack (>= 1.0)
      rack-test (>= 0.5)
    railroady (1.3.0)
    rainbow (1.99.1)
    rake (0.9.2.2)
    require_all (1.3.2)
    rspec (2.13.0)
      rspec-core (~> 2.13.0)
      rspec-expectations (~> 2.13.0)
      rspec-mocks (~> 2.13.0)
    rspec-core (2.13.1)
    rspec-expectations (2.13.0)
      diff-lcs (>= 1.1.3, < 2.0)
    rspec-given (3.5.4)
      given_core (= 3.5.4)
      rspec (>= 2.12)
    rspec-mocks (2.13.1)
    rubocop (0.16.0)
      parser (~> 2.1)
      powerpack (~> 0.0.6)
      rainbow (>= 1.1.4)
    safe_yaml (1.0.1)
    sinatra (1.4.4)
      rack (~> 1.4)
      rack-protection (~> 1.4)
      tilt (~> 1.3, >= 1.3.4)
    slop (3.4.7)
    sorcerer (1.0.2)
    tilt (1.4.1)
    tzinfo (0.3.38)
    virtus (1.0.1)
      axiom-types (~> 0.0.5)
      coercible (~> 1.0)
      descendants_tracker (~> 0.0.1)
      equalizer (~> 0.0.7)
    webmock (1.17.3)
      addressable (>= 2.2.7)
      crack (>= 0.3.2)

PLATFORMS
  ruby

DEPENDENCIES
  activerecord
  annotate
  database_cleaner
  faker
  grape!
  grape-swagger (~> 0.6.0)
  hashie
  mysql2
  rack-cors (~> 0.2.8)
  rack-test (~> 0.6.2)
  racksh
  railroady
  rake
  require_all
  rspec (~> 2.13.0)
  rspec-core
  rspec-given
  rubocop
  sinatra
  webmock
